GEM
  remote: https://rubygems.org/
  specs:
    activesupport (4.0.0)
      i18n (~> 0.6, >= 0.6.4)
      minitest (~> 4.2)
      multi_json (~> 1.3)
      thread_safe (~> 0.1)
      tzinfo (~> 0.3.37)
    atomic (1.1.14)
    execjs (2.0.2)
    i18n (0.6.5)
    libv8 (3.16.14.3)
    minitest (4.7.5)
    multi_json (1.8.1)
    ref (1.0.5)
    therubyracer (0.12.0)
      libv8 (~> 3.16.14.0)
      ref
    thread_safe (0.1.3)
      atomic
    tzinfo (0.3.37)

PLATFORMS
  ruby

DEPENDENCIES
  activesupport
  execjs
  therubyracer
