GEM
  remote: https://rubygems.org/
  specs:
    execjs (2.0.2)
    libv8 (3.16.14.3)
    ref (1.0.5)
    therubyracer (0.12.0)
      libv8 (~> 3.16.14.0)
      ref

PLATFORMS
  ruby

DEPENDENCIES
  execjs
  therubyracer
